GIT
  remote: https://github.com/lynndylanhurley/devise_token_auth.git
  revision: afe6da1951e48d9baf0fdfad7702767c4221c176
  specs:
    devise_token_auth (0.1.37)
      devise (> 3.5.2, < 4.1)
      rails (< 6)

GEM
  remote: https://rubygems.org/
  specs:
    actioncable (5.0.0.beta2)
      actionpack (= 5.0.0.beta2)
      nio4r (~> 1.2)
      websocket-driver (~> 0.6.1)
    actionmailer (5.0.0.beta2)
      actionpack (= 5.0.0.beta2)
      actionview (= 5.0.0.beta2)
      activejob (= 5.0.0.beta2)
      mail (~> 2.5, >= 2.5.4)
      rails-dom-testing (~> 1.0, >= 1.0.5)
    actionpack (5.0.0.beta2)
      actionview (= 5.0.0.beta2)
      activesupport (= 5.0.0.beta2)
      rack (~> 2.x)
      rack-test (~> 0.6.3)
      rails-dom-testing (~> 1.0, >= 1.0.5)
      rails-html-sanitizer (~> 1.0, >= 1.0.2)
    actionview (5.0.0.beta2)
      activesupport (= 5.0.0.beta2)
      builder (~> 3.1)
      erubis (~> 2.7.0)
      rails-dom-testing (~> 1.0, >= 1.0.5)
      rails-html-sanitizer (~> 1.0, >= 1.0.2)
    activejob (5.0.0.beta2)
      activesupport (= 5.0.0.beta2)
      globalid (>= 0.3.6)
    activemodel (5.0.0.beta2)
      activesupport (= 5.0.0.beta2)
    activerecord (5.0.0.beta2)
      activemodel (= 5.0.0.beta2)
      activesupport (= 5.0.0.beta2)
      arel (~> 7.0)
    activesupport (5.0.0.beta2)
      concurrent-ruby (~> 1.0)
      i18n (~> 0.7)
      json (~> 1.7, >= 1.7.7)
      method_source
      minitest (~> 5.1)
      tzinfo (~> 1.1)
    addressable (2.4.0)
    arel (7.0.0)
    attr_required (1.0.1)
    bcrypt (3.1.10)
    bindata (2.2.0)
    builder (3.2.2)
    byebug (8.2.2)
    coderay (1.1.1)
    concurrent-ruby (1.0.0)
    database_cleaner (1.5.1)
    devise (4.0.0.rc1)
      bcrypt (~> 3.0)
      orm_adapter (~> 0.1)
      railties (>= 4.1.0, < 5.1)
      responders
      warden (~> 1.2.3)
    diff-lcs (1.2.5)
    erubis (2.7.0)
    factory_girl (4.5.0)
      activesupport (>= 3.0.0)
    factory_girl_rails (4.6.0)
      factory_girl (~> 4.5.0)
      railties (>= 3.0.0)
    faraday (0.9.2)
      multipart-post (>= 1.2, < 3)
    globalid (0.3.6)
      activesupport (>= 4.1.0)
    hashie (3.4.3)
    health_check (1.5.1)
      rails (>= 2.3.0)
    httpclient (2.7.1)
    i18n (0.7.0)
    json (1.8.3)
    json-jwt (1.5.2)
      activesupport
      bindata
      multi_json (>= 1.3)
      securecompare
      url_safe_base64
    loofah (2.0.3)
      nokogiri (>= 1.5.9)
    mail (2.6.3)
      mime-types (>= 1.16, < 3)
    method_source (0.8.2)
    mime-types (2.99.1)
    mini_portile2 (2.0.0)
    minitest (5.8.4)
    multi_json (1.11.2)
    multipart-post (2.0.0)
    nio4r (1.2.1)
    nokogiri (1.6.7.2)
      mini_portile2 (~> 2.0.0.rc2)
    omniauth (1.3.1)
      hashie (>= 1.2, < 4)
      rack (>= 1.0, < 3)
    openid_connect (0.10.0)
      activemodel
      attr_required (>= 1.0.0)
      json (>= 1.4.3)
      json-jwt (>= 1.5.0)
      rack-oauth2 (>= 1.2.1)
      swd (>= 1.0.0)
      tzinfo
      validate_email
      validate_url
      webfinger (>= 1.0.1)
    orm_adapter (0.5.0)
    pg (0.18.4)
    pry (0.10.3)
      coderay (~> 1.1.0)
      method_source (~> 0.8.1)
      slop (~> 3.4)
    puma (2.16.0)
    rack (2.0.0.alpha)
      json
    rack-oauth2 (1.3.0)
      activesupport (>= 2.3)
      attr_required (>= 0.0.5)
      httpclient (>= 2.4)
      multi_json (>= 1.3.6)
      rack (>= 1.1)
    rack-test (0.6.3)
      rack (>= 1.0)
    rails (5.0.0.beta2)
      actioncable (= 5.0.0.beta2)
      actionmailer (= 5.0.0.beta2)
      actionpack (= 5.0.0.beta2)
      actionview (= 5.0.0.beta2)
      activejob (= 5.0.0.beta2)
      activemodel (= 5.0.0.beta2)
      activerecord (= 5.0.0.beta2)
      activesupport (= 5.0.0.beta2)
      bundler (>= 1.3.0, < 2.0)
      railties (= 5.0.0.beta2)
      sprockets-rails (>= 2.0.0)
    rails-deprecated_sanitizer (1.0.3)
      activesupport (>= 4.2.0.alpha)
    rails-dom-testing (1.0.7)
      activesupport (>= 4.2.0.beta, < 5.0)
      nokogiri (~> 1.6.0)
      rails-deprecated_sanitizer (>= 1.0.1)
    rails-html-sanitizer (1.0.3)
      loofah (~> 2.0)
    railties (5.0.0.beta2)
      actionpack (= 5.0.0.beta2)
      activesupport (= 5.0.0.beta2)
      method_source
      rake (>= 0.8.7)
      thor (>= 0.18.1, < 2.0)
    rake (10.5.0)
    redis (3.2.2)
    responders (2.1.1)
      railties (>= 4.2.0, < 5.1)
    rspec-core (3.1.7)
      rspec-support (~> 3.1.0)
    rspec-expectations (3.1.2)
      diff-lcs (>= 1.2.0, < 2.0)
      rspec-support (~> 3.1.0)
    rspec-mocks (3.1.3)
      rspec-support (~> 3.1.0)
    rspec-rails (3.1.0)
      actionpack (>= 3.0)
      activesupport (>= 3.0)
      railties (>= 3.0)
      rspec-core (~> 3.1.0)
      rspec-expectations (~> 3.1.0)
      rspec-mocks (~> 3.1.0)
      rspec-support (~> 3.1.0)
    rspec-support (3.1.2)
    securecompare (1.0.0)
    slop (3.6.0)
    spring (1.6.3)
    sprockets (3.5.2)
      concurrent-ruby (~> 1.0)
      rack (> 1, < 3)
    sprockets-rails (3.0.2)
      actionpack (>= 4.0)
      activesupport (>= 4.0)
      sprockets (>= 3.0.0)
    sqlite3 (1.3.11)
    swd (1.0.1)
      activesupport (>= 3)
      attr_required (>= 0.0.5)
      httpclient (>= 2.4)
      i18n
      json (>= 1.4.3)
    thor (0.19.1)
    thread_safe (0.3.5)
    tzinfo (1.2.2)
      thread_safe (~> 0.1)
    url_safe_base64 (0.2.2)
    validate_email (0.1.6)
      activemodel (>= 3.0)
      mail (>= 2.2.5)
    validate_url (1.0.2)
      activemodel (>= 3.0.0)
      addressable
    warden (1.2.6)
      rack (>= 1.0)
    webfinger (1.0.2)
      activesupport
      httpclient (>= 2.4)
      multi_json
    websocket-driver (0.6.3)
      websocket-extensions (>= 0.1.0)
    websocket-extensions (0.1.2)

PLATFORMS
  ruby

DEPENDENCIES
  byebug
  database_cleaner
  devise (= 4.0.0.rc1)
  devise_token_auth!
  factory_girl_rails
  faraday
  health_check
  omniauth (>= 1.0.0)
  openid_connect
  pg
  pry
  puma
  rack-test
  rails (= 5.0.0.beta2)
  redis (~> 3.0)
  rspec-rails (= 3.1.0)
  spring
  sqlite3
  tzinfo-data

BUNDLED WITH
   1.11.2
